PATH
  remote: .
  specs:
    automata (0.1.0)

GEM
  remote: https://rubygems.org/
  specs:
    diff-lcs (1.4.4)
    rake (12.3.3)
    rspec (3.9.0)
      rspec-core (~> 3.9.0)
      rspec-expectations (~> 3.9.0)
      rspec-mocks (~> 3.9.0)
    rspec-core (3.9.2)
      rspec-support (~> 3.9.3)
    rspec-expectations (3.9.2)
      diff-lcs (>= 1.2.0, < 2.0)
      rspec-support (~> 3.9.0)
    rspec-mocks (3.9.1)
      diff-lcs (>= 1.2.0, < 2.0)
      rspec-support (~> 3.9.0)
    rspec-support (3.9.3)
    terminal-table (2.0.0)
      unicode-display_width (~> 1.1, >= 1.1.1)
    unicode-display_width (1.7.0)

PLATFORMS
  ruby

DEPENDENCIES
  automata!
  rake (~> 12.0)
  rspec (~> 3.0)
  terminal-table

BUNDLED WITH
   2.1.4
